PATH
  remote: .
  specs:
    fast_fuzzy_matcher (0.2.0)
      ffi

GEM
  remote: https://rubygems.org/
  specs:
    benchmark (0.2.1)
    coderay (1.1.3)
    diff-lcs (1.5.0)
    ffi (1.16.3)
    method_source (1.0.0)
    pry (0.14.2)
      coderay (~> 1.1)
      method_source (~> 1.0)
    rake (13.0.6)
    rspec (3.12.0)
      rspec-core (~> 3.12.0)
      rspec-expectations (~> 3.12.0)
      rspec-mocks (~> 3.12.0)
    rspec-core (3.12.2)
      rspec-support (~> 3.12.0)
    rspec-expectations (3.12.3)
      diff-lcs (>= 1.2.0, < 2.0)
      rspec-support (~> 3.12.0)
    rspec-mocks (3.12.6)
      diff-lcs (>= 1.2.0, < 2.0)
      rspec-support (~> 3.12.0)
    rspec-support (3.12.1)

PLATFORMS
  arm64-darwin-22
  ruby

DEPENDENCIES
  benchmark
  fast_fuzzy_matcher!
  ffi (~> 1.16.0)
  pry
  rake (~> 13.0)
  rspec (~> 3.0)

BUNDLED WITH
   2.4.15
